GEM
  remote: http://rubygems.org/
  specs:
    httpclient (2.2.5)
    rack (1.4.1)
    rack-protection (1.2.0)
      rack
    ruby-xslt (0.9.9)
    sinatra (1.3.2)
      rack (~> 1.3, >= 1.3.6)
      rack-protection (~> 1.2)
      tilt (~> 1.3, >= 1.3.3)
    tilt (1.3.3)

PLATFORMS
  ruby

DEPENDENCIES
  httpclient
  rack
  ruby-xslt
  sinatra
